GEM
  remote: https://rubygems.org/
  specs:
    adsf (1.2.0)
      rack (>= 1.0.0)
    colored (1.2)
    cri (2.4.1)
      colored (>= 1.2)
    exifr (1.1.3)
    fspath (2.1.0)
    image_optim (0.10.1)
      exifr (~> 1.1.3)
      fspath (~> 2.1.0)
      image_size (~> 1.1.2)
      in_threads (~> 1.2.0)
      progress (~> 3.0.0)
    image_size (1.1.5)
    in_threads (1.2.0)
    nanoc (3.6.7)
      cri (~> 2.3)
    nanoc-image-compressor (0.1.1)
      image_optim
      nanoc (>= 3.3.1)
    progress (3.0.0)
    rack (1.5.2)

PLATFORMS
  ruby

DEPENDENCIES
  adsf
  nanoc
  nanoc-image-compressor
