GEM
  remote: https://rubygems.org/
  specs:
    adsf (1.2.1)
      rack (>= 1.0.0)
    allison (2.0.3)
    colored (1.2)
    concurrent-ruby (1.0.2)
    configure-s3-website (1.7.1)
      deep_merge (= 1.0.0)
    cri (2.7.0)
      colored (~> 1.2)
    deep_merge (1.0.0)
    dotenv (1.0.2)
    echoe (4.6.6)
      allison (>= 2.0.3)
      rake (>= 0.9.2)
      rdoc (>= 2.5.11)
      rubyforge (>= 2.0.4)
    hamster (3.0.0)
      concurrent-ruby (~> 1.0)
    jsmin (1.0.1)
    json (1.8.3)
    json_pure (2.0.2)
    nanoc (4.3.2)
      cri (~> 2.3)
      hamster (~> 3.0)
      ref (~> 2.0)
    nanoc-javascript-concatenator (0.0.2)
      nanoc (>= 3.3.0)
    rack (2.0.1)
    rainpress (1.0)
      echoe
    rake (11.2.2)
    rdoc (4.2.2)
      json (~> 1.4)
    ref (2.0.0)
    rubyforge (2.0.4)
      json_pure (>= 1.1.7)
    s3_website (2.15.0)
      colored (= 1.2)
      configure-s3-website (= 1.7.1)
      dotenv (~> 1.0)
      thor (~> 0.18)
    thor (0.19.1)

PLATFORMS
  ruby

DEPENDENCIES
  adsf
  jsmin
  nanoc
  nanoc-javascript-concatenator
  rainpress
  s3_website

BUNDLED WITH
   1.12.5
