GEM
  remote: https://rubygems.org/
  specs:
    adsf (1.2.0)
      rack (>= 1.0.0)
    colored (1.2)
    configure-s3-website (1.6.0)
      deep_merge (= 1.0.0)
    cri (2.6.1)
      colored (~> 1.2)
    deep_merge (1.0.0)
    dotenv (0.11.1)
      dotenv-deployment (~> 0.0.2)
    dotenv-deployment (0.0.2)
    jsmin (1.0.1)
    nanoc (3.7.3)
      cri (~> 2.3)
    nanoc-javascript-concatenator (0.0.2)
      nanoc (>= 3.3.0)
    rack (1.5.2)
    rainpress (1.0)
    s3_website (2.6.0)
      colored (= 1.2)
      configure-s3-website (= 1.6.0)
      dotenv (~> 0.11.1)
      thor (= 0.18.1)
    thor (0.18.1)

PLATFORMS
  ruby

DEPENDENCIES
  adsf
  jsmin
  nanoc
  nanoc-javascript-concatenator
  rainpress
  s3_website
