GEM
  remote: https://rubygems.org/
  specs:
    adsf (1.2.0)
      rack (>= 1.0.0)
    allison (2.0.3)
    colored (1.2)
    cri (2.4.1)
      colored (>= 1.2)
    echoe (4.6.5)
      allison (>= 2.0.3)
      rake (>= 0.9.2)
      rdoc (>= 2.5.11)
      rubyforge (>= 2.0.4)
    jsmin (1.0.1)
    json (1.8.1)
    json_pure (1.8.1)
    nanoc (3.6.7)
      cri (~> 2.3)
    nanoc-javascript-concatenator (0.0.2)
      nanoc (>= 3.3.0)
    rack (1.5.2)
    rainpress (1.0)
      echoe
    rake (10.1.1)
    rdoc (4.1.1)
      json (~> 1.4)
    rubyforge (2.0.4)
      json_pure (>= 1.1.7)

PLATFORMS
  ruby

DEPENDENCIES
  adsf
  jsmin
  nanoc
  nanoc-javascript-concatenator
  rainpress
